GEM
  remote: https://rubygems.org/
  specs:
    awesome_print (1.7.0)
    dotenv (2.1.1)
    i18n (0.7.0)
    json (2.0.2)
    mono_logger (1.1.0)
    multi_json (1.12.2)
    mustermann (1.0.1)
    rack (2.0.3)
    rack-protection (2.0.0)
      rack
    rake (11.2.2)
    redis (3.3.3)
    redis-namespace (1.5.3)
      redis (~> 3.0, >= 3.0.4)
    resque (1.27.4)
      mono_logger (~> 1.0)
      multi_json (~> 1.0)
      redis-namespace (~> 1.3)
      sinatra (>= 0.9.2)
      vegas (~> 0.1.2)
    resque-status (0.5.0)
      resque (~> 1.19)
    sinatra (2.0.0)
      mustermann (~> 1.0)
      rack (~> 2.0)
      rack-protection (= 2.0.0)
      tilt (~> 2.0)
    tilt (2.0.8)
    vegas (0.1.11)
      rack (>= 1.0.0)

PLATFORMS
  ruby

DEPENDENCIES
  awesome_print (= 1.7.0)
  dotenv (= 2.1.1)
  i18n (= 0.7.0)
  json (= 2.0.2)
  rake (= 11.2.2)
  resque
  resque-status

RUBY VERSION
   ruby 2.3.3p222

BUNDLED WITH
   1.15.4
